GIT
  remote: https://github.com/stellar/stellar_core_commander.git
  revision: 1484815a5a53382e9d42b28e66e5ca1a917b824c
  branch: master
  specs:
    stellar_core_commander (0.0.12)
      activesupport (>= 4.0.0)
      contracts (~> 0.9)
      faraday (~> 0.9.1)
      faraday_middleware (~> 0.9.1)
      pg (~> 0.18.1)
      sequel (~> 5.5.0)
      slop (~> 3.6.0)
      stellar-base (>= 0.12.0)
      typhoeus (~> 0.8.0)

GIT
  remote: https://github.com/stellar/xdrgen.git
  revision: e29a93e248f2ae97ec783949676b4293a67b768e
  branch: master
  specs:
    xdrgen (0.0.1)
      activesupport (~> 5)
      memoist (~> 0.11.0)
      slop (~> 3.4)
      treetop (~> 1.5.3)

GEM
  remote: https://rubygems.org/
  specs:
    activemodel (5.1.4)
      activesupport (= 5.1.4)
    activesupport (5.1.4)
      concurrent-ruby (~> 1.0, >= 1.0.2)
      i18n (~> 0.7)
      minitest (~> 5.1)
      tzinfo (~> 1.1)
    addressable (2.5.2)
      public_suffix (>= 2.0.2, < 4.0)
    base32 (0.3.2)
    coderay (1.1.2)
    concurrent-ruby (1.0.5)
    contracts (0.16.0)
    digest-crc (0.4.1)
    ethon (0.11.0)
      ffi (>= 1.3.0)
    faraday (0.9.2)
      multipart-post (>= 1.2, < 3)
    faraday_middleware (0.9.2)
      faraday (>= 0.7.4, < 0.10)
    ffi (1.9.23)
    i18n (0.9.3)
      concurrent-ruby (~> 1.0)
    memoist (0.11.0)
    method_source (0.9.0)
    minitest (5.11.3)
    multipart-post (2.0.0)
    netrc (0.11.0)
    octokit (4.8.0)
      sawyer (~> 0.8.0, >= 0.5.3)
    pg (0.18.4)
    polyglot (0.3.5)
    pry (0.11.3)
      coderay (~> 1.1.0)
      method_source (~> 0.9.0)
    public_suffix (3.0.1)
    rake (12.3.0)
    rbnacl (5.0.0)
      ffi
    rbnacl-libsodium (1.0.16)
      rbnacl (>= 3.0.1)
    sawyer (0.8.1)
      addressable (>= 2.3.5, < 2.6)
      faraday (~> 0.8, < 1.0)
    sequel (5.5.0)
    slop (3.6.0)
    stellar-base (0.13.0)
      activesupport (>= 4.2.7)
      base32
      digest-crc
      rbnacl
      rbnacl-libsodium (~> 1.0.3)
      xdr (~> 2.0.0)
    thread_safe (0.3.6)
    treetop (1.5.3)
      polyglot (~> 0.3)
    typhoeus (0.8.0)
      ethon (>= 0.8.0)
    tzinfo (1.2.5)
      thread_safe (~> 0.1)
    xdr (2.0.0)
      activemodel (>= 4.2.7)
      activesupport (>= 4.2.7)

PLATFORMS
  ruby

DEPENDENCIES
  netrc
  octokit
  pry
  rake
  stellar_core_commander!
  xdrgen!

BUNDLED WITH
   1.16.1
